GEM
  remote: http://rubygems.org/
  specs:
    activesupport (3.1.12)
      multi_json (~> 1.0)
    adsf (1.1.1)
      rack (>= 1.0.0)
    builder (3.2.2)
    celluloid (0.15.2)
      timers (~> 1.1.0)
    coderay (1.0.9)
    colored (1.2)
    cri (2.4.0)
      colored (>= 1.2)
    curb (0.7.18)
    feedzirra (0.1.3)
      activesupport (~> 3.1.1)
      builder (>= 2.1.2)
      curb (~> 0.7.15)
      i18n (>= 0.5.0)
      loofah (~> 1.2.0)
      nokogiri (>= 1.4.4)
      rake (>= 0.8.7)
      rdoc (~> 3.8)
      sax-machine (~> 0.1.0)
    ffi (1.9.0)
    formatador (0.2.4)
    guard (2.1.1)
      formatador (>= 0.2.4)
      listen (~> 2.1)
      lumberjack (~> 1.0)
      pry (>= 0.9.12)
      thor (>= 0.18.1)
    guard-nanoc (1.0.1)
      guard (>= 1.8.0)
      nanoc (>= 3.6.3)
    i18n (0.6.5)
    json (1.8.0)
    kramdown (1.2.0)
    listen (2.1.1)
      celluloid (>= 0.15.2)
      rb-fsevent (>= 0.9.3)
      rb-inotify (>= 0.9)
    loofah (1.2.1)
      nokogiri (>= 1.4.4)
    lumberjack (1.0.4)
    method_source (0.8.2)
    mini_portile (0.5.1)
    multi_json (1.8.1)
    nanoc (3.6.5)
      cri (~> 2.3)
    nokogiri (1.6.0)
      mini_portile (~> 0.5.0)
    pry (0.9.12.2)
      coderay (~> 1.0.5)
      method_source (~> 0.8)
      slop (~> 3.4)
    rack (1.5.2)
    rake (10.1.0)
    rb-fsevent (0.9.3)
    rb-inotify (0.9.2)
      ffi (>= 0.5.0)
    rdoc (3.12.2)
      json (~> 1.4)
    rubypants (0.2.0)
    sanitize (2.0.6)
      nokogiri (>= 1.4.4)
    sax-machine (0.1.0)
      nokogiri (> 0.0.0)
    slop (3.4.6)
    thor (0.18.1)
    timers (1.1.0)
    timezone (0.2.1)

PLATFORMS
  ruby

DEPENDENCIES
  adsf
  feedzirra
  guard-nanoc
  kramdown
  nanoc
  nokogiri
  rubypants
  sanitize
  timezone
